GEM
  remote: https://rubygems.org/
  specs:
    coffee-script (2.3.0)
      coffee-script-source
      execjs
    coffee-script-source (1.9.0)
    execjs (2.3.0)
    hike (1.2.3)
    json (1.8.2)
    libv8 (3.16.14.3)
    multi_json (1.10.1)
    rack (1.6.0)
    rake (10.4.2)
    ref (1.0.5)
    sass (3.4.11)
    sprockets (2.12.3)
      hike (~> 1.2)
      multi_json (~> 1.0)
      rack (~> 1.0)
      tilt (~> 1.1, != 1.3.0)
    sprockets-standalone (1.2.1)
      rake
      sprockets (~> 2.0)
    therubyracer (0.12.1)
      libv8 (~> 3.16.14.0)
      ref
    tilt (1.4.1)
    uglifier (2.7.0)
      execjs (>= 0.3.0)
      json (>= 1.8.0)

PLATFORMS
  ruby

DEPENDENCIES
  coffee-script
  rack
  sass
  sprockets-standalone
  therubyracer
  uglifier
